RESTRICTION: == net45
NUGET
  remote: https://www.nuget.org/api/v2
    FAKE (4.61.2)
    FSharp.Core (4.2.1)
    FsUnit (3.0)
      FSharp.Core (>= 3.1.2.5)
      NUnit (>= 3.6)
    Neo4jClient (2.0.0.7)
      Newtonsoft.Json (>= 9.0.1)
    Newtonsoft.Json (10.0.2)
    NUnit (3.7.1)
    NUnit.ConsoleRunner (3.6.1)
